GEM
  remote: https://rubygems.org/
  specs:
    google-protobuf (3.2.0.2)

PLATFORMS
  ruby

DEPENDENCIES
  google-protobuf (~> 3.2)

BUNDLED WITH
   1.14.2
